PATH
  remote: .
  specs:
    zip-zip (0.4)
      rubyzip (>= 1.0.0)

GEM
  remote: https://rubygems.org/
  specs:
    minitest (4.7.5)
    rake (10.3.2)
    rubyzip (1.0.0)

PLATFORMS
  ruby

DEPENDENCIES
  bundler (~> 1.6)
  minitest (= 4.7.5)
  rake
  zip-zip!
