PATH
  remote: .
  specs:
    zip-zip (0.3)
      rubyzip (>= 1.0.0)

GEM
  remote: https://rubygems.org/
  specs:
    coderay (1.1.0)
    method_source (0.8.2)
    pry (0.9.12.6)
      coderay (~> 1.0)
      method_source (~> 0.8)
      slop (~> 3.4)
    rake (10.2.2)
    rubyzip (1.0.0)
    slop (3.5.0)

PLATFORMS
  ruby

DEPENDENCIES
  bundler (~> 1.6)
  pry
  rake
  zip-zip!
